PATH
  remote: .
  specs:
    knife-solo (0.0.4)
      chef (~> 0.10.0)
      net-ssh (~> 2.1.3)

GEM
  remote: http://rubygems.org/
  specs:
    alias (0.2.2)
    archive-tar-minitar (0.5.2)
    awesome_print (0.4.0)
    boson (0.3.3)
      alias (>= 0.2.2)
      hirb (>= 0.3.5)
    bunny (0.6.0)
    chef (0.10.2)
      bunny (>= 0.6.0)
      erubis
      highline
      json (<= 1.5.2, >= 1.4.4)
      mixlib-authentication (>= 1.1.0)
      mixlib-cli (>= 1.1.0)
      mixlib-config (>= 1.1.2)
      mixlib-log (>= 1.3.0)
      moneta
      net-ssh (~> 2.1.3)
      net-ssh-multi (~> 1.0.1)
      ohai (>= 0.6.0)
      rest-client (< 1.7.0, >= 1.0.4)
      treetop (~> 1.4.9)
      uuidtools
    clipboard (0.9.8)
    coderay (0.9.8)
    columnize (0.3.2)
    erubis (2.7.0)
    every_day_irb (1.0.4)
    fancy_irb (0.6.5)
      unicode-display_width (>= 0.1.1)
      wirb (>= 0.2.4)
    ffi (1.0.9)
    g (1.4.0)
      ruby-growl (>= 1.0.1)
    highline (1.6.2)
    hirb (0.4.5)
    interactive_editor (0.0.8)
      spoon (>= 0.0.1)
    irbtools (1.0.4)
      awesome_print (~> 0.4.0)
      boson (>= 0.3.3)
      clipboard (>= 0.9.8)
      coderay (~> 0.9)
      every_day_irb (>= 1.0.4)
      fancy_irb (>= 0.6.5)
      g
      hirb (~> 0.4.5)
      interactive_editor (>= 0.0.8)
      methodfinder (>= 1.2.3)
      ori (~> 0.1.0)
      rvm_loader (>= 1.0.0)
      sketches
      wirb (>= 0.3.0)
      zucker (>= 11)
    json (1.5.2)
    linecache19 (0.5.12)
      ruby_core_source (>= 0.1.4)
    methodfinder (1.2.3)
    mime-types (1.16)
    mixlib-authentication (1.1.4)
      mixlib-log
    mixlib-cli (1.2.0)
    mixlib-config (1.1.2)
    mixlib-log (1.3.0)
    mocha (0.9.12)
    moneta (0.6.0)
    net-ssh (2.1.4)
    net-ssh-gateway (1.1.0)
      net-ssh (>= 1.99.1)
    net-ssh-multi (1.0.1)
      net-ssh (>= 1.99.2)
      net-ssh-gateway (>= 0.99.0)
    ohai (0.6.4)
      mixlib-cli
      mixlib-config
      mixlib-log
      systemu
      yajl-ruby
    ori (0.1.0)
    polyglot (0.3.1)
    rake (0.9.2)
    rest-client (1.6.3)
      mime-types (>= 1.16)
    ruby-debug-base19 (0.11.25)
      columnize (>= 0.3.1)
      linecache19 (>= 0.5.11)
      ruby_core_source (>= 0.1.4)
    ruby-debug19 (0.11.6)
      columnize (>= 0.3.1)
      linecache19 (>= 0.5.11)
      ruby-debug-base19 (>= 0.11.19)
    ruby-growl (3.0)
    ruby_core_source (0.1.5)
      archive-tar-minitar (>= 0.5.2)
    rvm_loader (1.0.0)
    sketches (0.1.1)
    spoon (0.0.1)
    systemu (2.2.0)
    treetop (1.4.9)
      polyglot (>= 0.3.1)
    unicode-display_width (0.1.1)
    uuidtools (2.1.2)
    virtualbox (0.8.6)
      ffi (~> 1.0)
    wirb (0.3.0)
    yajl-ruby (0.8.2)
    zucker (11)

PLATFORMS
  ruby

DEPENDENCIES
  irbtools
  knife-solo!
  mocha
  rake
  ruby-debug19
  virtualbox
